GEM
  remote: https://rubygems.org/
  specs:
    coderay (1.1.2)
    method_source (0.9.0)
    multi_json (1.12.2)
    pry (0.11.3)
      coderay (~> 1.1.0)
      method_source (~> 0.9.0)
    streamio-ffmpeg (3.0.2)
      multi_json (~> 1.8)
    thor (0.20.0)

PLATFORMS
  ruby

DEPENDENCIES
  pry
  streamio-ffmpeg
  thor

RUBY VERSION
   ruby 2.4.1p111

BUNDLED WITH
   1.16.0
