GEM
  remote: https://rubygems.org/
  specs:
    coderay (1.1.2)
    method_source (0.9.0)
    pry (0.11.3)
      coderay (~> 1.1.0)
      method_source (~> 0.9.0)
    thor (0.20.0)

PLATFORMS
  ruby

DEPENDENCIES
  pry
  thor

RUBY VERSION
   ruby 2.4.1p111

BUNDLED WITH
   1.16.0
